GIT
  remote: git://github.com/jamespharaoh/hq-dev.git
  revision: 6daae44db7ee7a2f1e22f9c1feba83a6e1c2470e
  branch: master
  specs:
    hq-dev (0.0.18)

PATH
  remote: .
  specs:
    hq-mongodb-installer (0.0.0)

GEM
  remote: https://rubygems.org/
  specs:
    builder (3.2.0)
    cucumber (1.3.2)
      builder (>= 2.1.2)
      diff-lcs (>= 1.1.3)
      gherkin (~> 2.12.0)
      multi_json (~> 1.3)
    diff-lcs (1.2.4)
    gherkin (2.12.0)
      multi_json (~> 1.3)
    json (1.8.0)
    multi_json (1.7.4)
    rake (10.0.4)
    rspec (2.13.0)
      rspec-core (~> 2.13.0)
      rspec-expectations (~> 2.13.0)
      rspec-mocks (~> 2.13.0)
    rspec-core (2.13.1)
    rspec-expectations (2.13.0)
      diff-lcs (>= 1.1.3, < 2.0)
    rspec-mocks (2.13.1)
    rspec_junit_formatter (0.1.6)
      builder
      rspec (~> 2.0)
      rspec-core (!= 2.12.0)
    simplecov (0.7.1)
      multi_json (~> 1.0)
      simplecov-html (~> 0.7.1)
    simplecov-html (0.7.1)

PLATFORMS
  ruby

DEPENDENCIES
  cucumber (>= 1.3.1)
  hq-dev!
  hq-mongodb-installer!
  json (>= 1.7.7)
  rake (>= 10.0.4)
  rspec (>= 2.13.0)
  rspec_junit_formatter (>= 0.1.6)
  simplecov (>= 0.7.1)
